GIT
  remote: git://github.com/gregbell/active_admin.git
  revision: 85b9f816480988bf00aa142c9638b5212b51113a
  branch: rails4
  specs:
    activeadmin (0.6.0)
      arbre (>= 1.0.1)
      bourbon (>= 1.0.0)
      coffee-rails (>= 3.2.0)
      devise (>= 3.0.2)
      formtastic (>= 2.3.0.rc2)
      inherited_resources (>= 1.4.1)
      jquery-rails (>= 3.0.0)
      jquery-ui-rails (>= 4.0.0)
      kaminari (>= 0.13.0)
      rails (>= 3.2.0)
      ransack (>= 1.0.0)
      sass-rails (>= 3.2.0)

GEM
  remote: https://rubygems.org/
  specs:
    actionmailer (4.0.0)
      actionpack (= 4.0.0)
      mail (~> 2.5.3)
    actionpack (4.0.0)
      activesupport (= 4.0.0)
      builder (~> 3.1.0)
      erubis (~> 2.7.0)
      rack (~> 1.5.2)
      rack-test (~> 0.6.2)
    activemodel (4.0.0)
      activesupport (= 4.0.0)
      builder (~> 3.1.0)
    activerecord (4.0.0)
      activemodel (= 4.0.0)
      activerecord-deprecated_finders (~> 1.0.2)
      activesupport (= 4.0.0)
      arel (~> 4.0.0)
    activerecord-deprecated_finders (1.0.3)
    activesupport (4.0.0)
      i18n (~> 0.6, >= 0.6.4)
      minitest (~> 4.2)
      multi_json (~> 1.3)
      thread_safe (~> 0.1)
      tzinfo (~> 0.3.37)
    addressable (2.3.5)
    arbre (1.0.1)
      activesupport (>= 3.0.0)
    arel (4.0.0)
    atomic (1.1.14)
    aws_cf_signer (0.1.2)
    bcrypt-ruby (3.1.2)
    bourbon (3.1.8)
      sass (>= 3.2.0)
      thor
    builder (3.1.4)
    carrierwave (0.9.0)
      activemodel (>= 3.2.0)
      activesupport (>= 3.2.0)
      json (>= 1.7)
    cloudinary (1.0.63)
      aws_cf_signer
      rest-client
    coderay (1.0.9)
    coffee-rails (4.0.0)
      coffee-script (>= 2.2.0)
      railties (>= 4.0.0.beta, < 5.0)
    coffee-script (2.2.0)
      coffee-script-source
      execjs
    coffee-script-source (1.6.3)
    css_parser (1.3.5)
      addressable
    devise (3.1.0)
      bcrypt-ruby (~> 3.0)
      orm_adapter (~> 0.1)
      railties (>= 3.2.6, < 5)
      thread_safe (~> 0.1)
      warden (~> 1.2.3)
    dotenv (0.9.0)
    dotenv-rails (0.9.0)
      dotenv (= 0.9.0)
    erubis (2.7.0)
    execjs (2.0.1)
    foreman (0.63.0)
      dotenv (>= 0.7)
      thor (>= 0.13.6)
    formtastic (2.3.0.rc2)
      actionpack (>= 3.0)
    google_visualr (2.1.9)
    has_scope (0.6.0.rc)
      actionpack (>= 3.2, < 5)
      activesupport (>= 3.2, < 5)
    hike (1.2.3)
    htmlentities (4.3.1)
    i18n (0.6.5)
    inherited_resources (1.4.1)
      has_scope (~> 0.6.0.rc)
      responders (~> 1.0.0.rc)
    jbuilder (1.5.1)
      activesupport (>= 3.0.0)
      multi_json (>= 1.2.0)
    jquery-rails (3.0.4)
      railties (>= 3.0, < 5.0)
      thor (>= 0.14, < 2.0)
    jquery-ui-rails (4.0.4)
      jquery-rails
      railties (>= 3.1.0)
    json (1.8.0)
    kaminari (0.14.1)
      actionpack (>= 3.0.0)
      activesupport (>= 3.0.0)
    kgio (2.8.0)
    libv8 (3.16.14.3)
    mail (2.5.4)
      mime-types (~> 1.16)
      treetop (~> 1.4.8)
    mail_view (2.0.1)
      tilt
    method_source (0.8.2)
    mime-types (1.25)
    mini_magick (3.6.0)
      subexec (~> 0.2.1)
    mini_portile (0.5.1)
    minitest (4.7.5)
    multi_json (1.8.0)
    nokogiri (1.6.0)
      mini_portile (~> 0.5.0)
    orm_adapter (0.4.0)
    pg (0.16.0)
    polyamorous (0.6.4)
      activerecord (>= 3.0)
    polyglot (0.3.3)
    premailer (1.7.3)
      css_parser (>= 1.1.9)
      htmlentities (>= 4.0.0)
    premailer-rails (1.4.0)
      premailer (~> 1.7)
      rails (>= 3)
    pry (0.9.12.2)
      coderay (~> 1.0.5)
      method_source (~> 0.8)
      slop (~> 3.4)
    pry-remote (0.1.7)
      pry (~> 0.9)
      slop (~> 3.0)
    rack (1.5.2)
    rack-test (0.6.2)
      rack (>= 1.0)
    rails (4.0.0)
      actionmailer (= 4.0.0)
      actionpack (= 4.0.0)
      activerecord (= 4.0.0)
      activesupport (= 4.0.0)
      bundler (>= 1.3.0, < 2.0)
      railties (= 4.0.0)
      sprockets-rails (~> 2.0.0)
    rails_12factor (0.0.2)
      rails_serve_static_assets
      rails_stdout_logging
    rails_serve_static_assets (0.0.1)
    rails_stdout_logging (0.0.2)
    railties (4.0.0)
      actionpack (= 4.0.0)
      activesupport (= 4.0.0)
      rake (>= 0.8.7)
      thor (>= 0.18.1, < 2.0)
    raindrops (0.12.0)
    rake (10.1.0)
    ransack (1.0.0)
      actionpack (>= 3.0)
      activerecord (>= 3.0)
      polyamorous (~> 0.6.0)
    rdoc (3.12.2)
      json (~> 1.4)
    ref (1.0.5)
    responders (1.0.0.rc)
      railties (>= 3.2, < 5)
    rest-client (1.6.7)
      mime-types (>= 1.16)
    sass (3.2.10)
    sass-rails (4.0.0)
      railties (>= 4.0.0.beta, < 5.0)
      sass (>= 3.1.10)
      sprockets-rails (~> 2.0.0)
    sdoc (0.3.20)
      json (>= 1.1.3)
      rdoc (~> 3.10)
    simplecov (0.7.1)
      multi_json (~> 1.0)
      simplecov-html (~> 0.7.1)
    simplecov-html (0.7.1)
    slim (2.0.1)
      temple (~> 0.6.6)
      tilt (>= 1.3.3, < 2.1)
    slim-rails (2.0.1)
      actionpack (>= 3.0, < 4.1)
      activesupport (>= 3.0, < 4.1)
      railties (>= 3.0, < 4.1)
      slim (~> 2.0)
    slop (3.4.6)
    sprockets (2.10.0)
      hike (~> 1.2)
      multi_json (~> 1.0)
      rack (~> 1.0)
      tilt (~> 1.1, != 1.3.0)
    sprockets-rails (2.0.0)
      actionpack (>= 3.0)
      activesupport (>= 3.0)
      sprockets (~> 2.8)
    sqlite3 (1.3.8)
    subexec (0.2.3)
    temple (0.6.6)
    therubyracer (0.12.0)
      libv8 (~> 3.16.14.0)
      ref
    thor (0.18.1)
    thread_safe (0.1.3)
      atomic
    tilt (1.4.1)
    treetop (1.4.15)
      polyglot
      polyglot (>= 0.3.1)
    turbolinks (1.3.0)
      coffee-rails
    tzinfo (0.3.37)
    uglifier (2.2.1)
      execjs (>= 0.3.0)
      multi_json (~> 1.0, >= 1.0.2)
    unicorn (4.6.3)
      kgio (~> 2.6)
      rack
      raindrops (~> 0.7)
    warden (1.2.3)
      rack (>= 1.0)
    wicked_pdf (0.9.7)
      rails
    wkhtmltopdf-binary (0.9.9.1)
    wkhtmltopdf-heroku (1.0.0)
    zurb-foundation (4.3.1)
      sass (>= 3.2.0)

PLATFORMS
  ruby

DEPENDENCIES
  activeadmin!
  carrierwave
  cloudinary
  coffee-rails (~> 4.0.0)
  devise
  dotenv-rails
  execjs
  foreman
  google_visualr (~> 2.1.0)
  jbuilder (~> 1.2)
  jquery-rails
  mail_view
  mini_magick
  nokogiri
  pg
  premailer-rails
  pry
  pry-remote
  rails (= 4.0.0)
  rails_12factor
  sass-rails (~> 4.0.0)
  sdoc
  simplecov
  slim-rails
  sqlite3
  therubyracer
  turbolinks
  uglifier (>= 1.3.0)
  unicorn
  wicked_pdf
  wkhtmltopdf-binary
  wkhtmltopdf-heroku
  zurb-foundation
